GIT
  remote: git://github.com/ludicast/yaml_db.git
  revision: 82529a175ca4bccf6543a214d9a53cdffc21e523
  specs:
    yaml_db (0.2.2)

GIT
  remote: git://github.com/plataformatec/simple_form.git
  revision: cd3eeb7d1a7303633529dedb9ec69d6c1cad91a9
  specs:
    simple_form (2.0.0.rc)
      actionpack (~> 3.0)
      activemodel (~> 3.0)

GEM
  remote: http://rubygems.org/
  specs:
    actionmailer (3.1.1)
      actionpack (= 3.1.1)
      mail (~> 2.3.0)
    actionpack (3.1.1)
      activemodel (= 3.1.1)
      activesupport (= 3.1.1)
      builder (~> 3.0.0)
      erubis (~> 2.7.0)
      i18n (~> 0.6)
      rack (~> 1.3.2)
      rack-cache (~> 1.1)
      rack-mount (~> 0.8.2)
      rack-test (~> 0.6.1)
      sprockets (~> 2.0.2)
    activemodel (3.1.1)
      activesupport (= 3.1.1)
      builder (~> 3.0.0)
      i18n (~> 0.6)
    activerecord (3.1.1)
      activemodel (= 3.1.1)
      activesupport (= 3.1.1)
      arel (~> 2.2.1)
      tzinfo (~> 0.3.29)
    activeresource (3.1.1)
      activemodel (= 3.1.1)
      activesupport (= 3.1.1)
    activesupport (3.1.1)
      multi_json (~> 1.0)
    addressable (2.2.6)
    ancestry (1.2.4)
      activerecord (>= 2.2.2)
    arel (2.2.1)
    bcrypt-ruby (3.0.1)
    builder (3.0.0)
    cancan (1.6.7)
    capybara (1.1.2)
      mime-types (>= 1.16)
      nokogiri (>= 1.3.3)
      rack (>= 1.0.0)
      rack-test (>= 0.5.4)
      selenium-webdriver (~> 2.0)
      xpath (~> 0.1.4)
    carrierwave (0.5.7)
      activesupport (~> 3.0)
    childprocess (0.2.3)
      ffi (~> 1.0.6)
    coffee-rails (3.1.1)
      coffee-script (>= 2.2.0)
      railties (~> 3.1.0)
    coffee-script (2.2.0)
      coffee-script-source
      execjs
    coffee-script-source (1.1.3)
    commonjs (0.2.0)
      therubyracer (~> 0.9.9)
    cucumber (1.1.3)
      builder (>= 2.1.2)
      diff-lcs (>= 1.1.2)
      gherkin (~> 2.6.7)
      json (>= 1.4.6)
      term-ansicolor (>= 1.0.6)
    cucumber-rails (1.2.0)
      capybara (>= 1.1.1)
      cucumber (>= 1.1.1)
      nokogiri (>= 1.5.0)
    database_cleaner (0.7.0)
    devise (1.5.2)
      bcrypt-ruby (~> 3.0)
      orm_adapter (~> 0.0.3)
      warden (~> 1.1)
    diff-lcs (1.1.3)
    em-websocket (0.3.5)
      addressable (>= 2.1.1)
      eventmachine (>= 0.12.9)
    erubis (2.7.0)
    eventmachine (0.12.10)
    execjs (1.2.9)
      multi_json (~> 1.0)
    factory_girl (2.3.2)
      activesupport
    factory_girl_rails (1.4.0)
      factory_girl (~> 2.3.0)
      railties (>= 3.0.0)
    fastercsv (1.5.4)
    ffi (1.0.11)
    gherkin (2.6.8)
      json (>= 1.4.6)
    guard (0.8.8)
      thor (~> 0.14.6)
    guard-bundler (0.1.3)
      bundler (>= 1.0.0)
      guard (>= 0.2.2)
    guard-cucumber (0.7.4)
      cucumber (>= 0.10)
      guard (>= 0.8.3)
    guard-livereload (0.3.1)
      em-websocket (>= 0.2.0)
      guard (>= 0.4.0)
      multi_json (~> 1.0.3)
    guard-rails (0.0.3)
      guard (>= 0.2.2)
    guard-rspec (0.5.8)
      guard (>= 0.8.4)
    haml (3.1.4)
    haml-rails (0.3.4)
      actionpack (~> 3.0)
      activesupport (~> 3.0)
      haml (~> 3.0)
      railties (~> 3.0)
    has_scope (0.5.1)
    hike (1.2.1)
    i18n (0.6.0)
    inherited_resources (1.3.0)
      has_scope (~> 0.5.0)
      responders (~> 0.6.0)
    jquery-rails (1.0.19)
      railties (~> 3.0)
      thor (~> 0.14)
    json (1.6.2)
    launchy (2.0.5)
      addressable (~> 2.2.6)
    less (2.0.9)
      commonjs (~> 0.2.0)
      therubyracer (~> 0.9.9)
    less-rails (2.1.5)
      actionpack (>= 3.1)
      less (~> 2.0.7)
    libv8 (3.3.10.4)
    mail (2.3.0)
      i18n (>= 0.4.0)
      mime-types (~> 1.16)
      treetop (~> 1.4.8)
    mime-types (1.17.2)
    mini_magick (3.3)
      subexec (~> 0.1.0)
    multi_json (1.0.4)
    mysql (2.8.1)
    mysql2 (0.3.11)
    nokogiri (1.5.0)
    orm_adapter (0.0.5)
    parallel (0.5.11)
    polyglot (0.3.3)
    rack (1.3.6)
    rack-cache (1.1)
      rack (>= 0.4)
    rack-mount (0.8.3)
      rack (>= 1.0.0)
    rack-ssl (1.3.2)
      rack
    rack-test (0.6.1)
      rack (>= 1.0)
    rails (3.1.1)
      actionmailer (= 3.1.1)
      actionpack (= 3.1.1)
      activerecord (= 3.1.1)
      activeresource (= 3.1.1)
      activesupport (= 3.1.1)
      bundler (~> 1.0)
      railties (= 3.1.1)
    rails-footnotes (3.7.5)
      rails (>= 3.0.0)
    railties (3.1.1)
      actionpack (= 3.1.1)
      activesupport (= 3.1.1)
      rack-ssl (~> 1.3.2)
      rake (>= 0.8.7)
      rdoc (~> 3.4)
      thor (~> 0.14.6)
    rake (0.9.2.2)
    rdoc (3.11)
      json (~> 1.4)
    responders (0.6.5)
    rspec (2.8.0.rc1)
      rspec-core (= 2.8.0.rc1)
      rspec-expectations (= 2.8.0.rc1)
      rspec-mocks (= 2.8.0.rc1)
    rspec-core (2.8.0.rc1)
    rspec-expectations (2.8.0.rc1)
      diff-lcs (~> 1.1.2)
    rspec-mocks (2.8.0.rc1)
    rspec-rails (2.8.0.rc1)
      actionpack (~> 3.0)
      activesupport (~> 3.0)
      railties (~> 3.0)
      rspec (= 2.8.0.rc1)
    rubyzip (0.9.5)
    sass (3.1.11)
    sass-rails (3.1.5)
      actionpack (~> 3.1.0)
      railties (~> 3.1.0)
      sass (~> 3.1.10)
      tilt (~> 1.3.2)
    selenium-webdriver (2.14.0)
      childprocess (>= 0.2.1)
      ffi (~> 1.0.9)
      multi_json (~> 1.0.4)
      rubyzip
    sprockets (2.0.3)
      hike (~> 1.2)
      rack (~> 1.0)
      tilt (~> 1.1, != 1.3.0)
    sqlite3 (1.3.4)
    subexec (0.1.0)
    term-ansicolor (1.0.7)
    therubyracer (0.9.9)
      libv8 (~> 3.3.10)
    thor (0.14.6)
    tilt (1.3.3)
    treetop (1.4.10)
      polyglot
      polyglot (>= 0.3.1)
    twitter-bootstrap-rails (2.0.2)
      actionpack (>= 3.1)
      less-rails (~> 2.1.5)
      railties (>= 3.1)
    tzinfo (0.3.31)
    uglifier (1.1.0)
      execjs (>= 0.3.0)
      multi_json (>= 1.0.2)
    warden (1.1.0)
      rack (>= 1.0)
    xpath (0.1.4)
      nokogiri (~> 1.3)

PLATFORMS
  ruby

DEPENDENCIES
  ancestry
  bcrypt-ruby
  cancan
  capybara (>= 1.1.2)
  carrierwave
  coffee-rails (~> 3.1.1)
  cucumber-rails (>= 1.2.0)
  database_cleaner (>= 0.7.0)
  devise (>= 1.5.0)
  factory_girl_rails (>= 1.4.0)
  fastercsv
  guard (>= 0.6.2)
  guard-bundler (>= 0.1.3)
  guard-cucumber (>= 0.6.1)
  guard-livereload (>= 0.3.0)
  guard-rails (>= 0.0.3)
  guard-rspec (>= 0.4.3)
  haml (>= 3.1.2)
  haml-rails (>= 0.3.4)
  inherited_resources (>= 1.3.0)
  jquery-rails
  launchy (>= 2.0.5)
  mini_magick
  mysql
  mysql2
  nokogiri
  parallel
  rails (= 3.1.1)
  rails-footnotes (>= 3.7)
  rspec-rails (>= 2.8.0.rc1)
  rubyzip
  sass-rails (~> 3.1.4)
  simple_form!
  sqlite3
  therubyracer (>= 0.9.8)
  twitter-bootstrap-rails (>= 2.0.0)
  uglifier (>= 1.0.3)
  yaml_db!
